PATH
  remote: .
  specs:
    vici-exchange-rates (0.1.1)
      activesupport (>= 5.2, < 8.0)
      faraday (~> 1.0)

GEM
  remote: https://rubygems.org/
  specs:
    activesupport (5.2.8.1)
      concurrent-ruby (~> 1.0, >= 1.0.2)
      i18n (>= 0.7, < 2)
      minitest (~> 5.1)
      tzinfo (~> 1.1)
    concurrent-ruby (1.1.10)
    diff-lcs (1.3)
    faraday (1.0.0)
      multipart-post (>= 1.2, < 3)
    i18n (1.12.0)
      concurrent-ruby (~> 1.0)
    minitest (5.15.0)
    multipart-post (2.1.1)
    rake (13.0.1)
    rspec (3.9.0)
      rspec-core (~> 3.9.0)
      rspec-expectations (~> 3.9.0)
      rspec-mocks (~> 3.9.0)
    rspec-core (3.9.1)
      rspec-support (~> 3.9.1)
    rspec-expectations (3.9.0)
      diff-lcs (>= 1.2.0, < 2.0)
      rspec-support (~> 3.9.0)
    rspec-mocks (3.9.1)
      diff-lcs (>= 1.2.0, < 2.0)
      rspec-support (~> 3.9.0)
    rspec-support (3.9.2)
    thread_safe (0.3.6)
    tzinfo (1.2.10)
      thread_safe (~> 0.1)

PLATFORMS
  ruby

DEPENDENCIES
  bundler (~> 2.0)
  rake (~> 13.0)
  rspec (~> 3.0)
  vici-exchange-rates!

BUNDLED WITH
   2.0.2
